PATH
  remote: .
  specs:
    tempora (0.2.2)

GEM
  remote: https://rubygems.org/
  specs:
    minitest (5.25.4)
    rake (13.2.1)

PLATFORMS
  arm64-darwin-24
  ruby

DEPENDENCIES
  minitest (~> 5.16)
  rake (~> 13.0)
  tempora!

BUNDLED WITH
   2.6.2
